PATH
  remote: .
  specs:
    charlock_holmes (0.1.0)
      ffi

GEM
  remote: https://rubygems.org/
  specs:
    ast (2.4.2)
    diff-lcs (1.5.1)
    ffi (1.17.0)
    ffi (1.17.0-arm64-darwin)
    ffi (1.17.0-java)
    ffi (1.17.0-x86_64-linux-gnu)
    json (2.7.2)
    json (2.7.2-java)
    language_server-protocol (3.17.0.3)
    lint_roller (1.1.0)
    parallel (1.26.3)
    parser (3.3.5.0)
      ast (~> 2.4.1)
      racc
    racc (1.8.1)
    racc (1.8.1-java)
    rainbow (3.1.1)
    rake (13.2.1)
    regexp_parser (2.9.2)
    rexml (3.3.7)
    rspec (3.13.0)
      rspec-core (~> 3.13.0)
      rspec-expectations (~> 3.13.0)
      rspec-mocks (~> 3.13.0)
    rspec-core (3.13.1)
      rspec-support (~> 3.13.0)
    rspec-expectations (3.13.3)
      diff-lcs (>= 1.2.0, < 2.0)
      rspec-support (~> 3.13.0)
    rspec-github (2.4.0)
      rspec-core (~> 3.0)
    rspec-mocks (3.13.1)
      diff-lcs (>= 1.2.0, < 2.0)
      rspec-support (~> 3.13.0)
    rspec-support (3.13.1)
    rubocop (1.65.1)
      json (~> 2.3)
      language_server-protocol (>= 3.17.0)
      parallel (~> 1.10)
      parser (>= 3.3.0.2)
      rainbow (>= 2.2.2, < 4.0)
      regexp_parser (>= 2.4, < 3.0)
      rexml (>= 3.2.5, < 4.0)
      rubocop-ast (>= 1.31.1, < 2.0)
      ruby-progressbar (~> 1.7)
      unicode-display_width (>= 2.4.0, < 3.0)
    rubocop-ast (1.32.3)
      parser (>= 3.3.1.0)
    rubocop-performance (1.21.1)
      rubocop (>= 1.48.1, < 2.0)
      rubocop-ast (>= 1.31.1, < 2.0)
    ruby-progressbar (1.13.0)
    standard (1.40.0)
      language_server-protocol (~> 3.17.0.2)
      lint_roller (~> 1.0)
      rubocop (~> 1.65.0)
      standard-custom (~> 1.0.0)
      standard-performance (~> 1.4)
    standard-custom (1.0.2)
      lint_roller (~> 1.0)
      rubocop (~> 1.50)
    standard-performance (1.4.0)
      lint_roller (~> 1.1)
      rubocop-performance (~> 1.21.0)
    unicode-display_width (2.6.0)

PLATFORMS
  arm64-darwin-22
  java
  ruby
  universal-java-22
  x86_64-linux

DEPENDENCIES
  charlock_holmes!
  rake (~> 13.0)
  rspec (~> 3.0)
  rspec-github
  standard (~> 1.3)

BUNDLED WITH
   2.5.6
